GEM
  remote: https://rubygems.org/
  specs:
    bluecloth (2.2.0)
    diff-lcs (1.1.3)
    ghpreview (0.0.2)
      httpclient
      listen
      rb-fsevent
    httpclient (2.3.0.1)
    listen (0.6.0)
    rake (0.9.2.2)
    rb-fsevent (0.9.2)
    rspec (2.12.0)
      rspec-core (~> 2.12.0)
      rspec-expectations (~> 2.12.0)
      rspec-mocks (~> 2.12.0)
    rspec-core (2.12.0)
    rspec-expectations (2.12.0)
      diff-lcs (~> 1.1.3)
    rspec-mocks (2.12.0)
    sorcerer (0.3.7)

PLATFORMS
  ruby

DEPENDENCIES
  bluecloth
  ghpreview
  rake (>= 0.9.2.2)
  rspec (>= 2.12)
  sorcerer
